GIT
  remote: git://github.com/sinatra/sinatra.git
  revision: 63e81bc539b36778c6bd50a303750ab52ee2b2fb
  specs:
    rack-protection (2.0.0.beta2)
      rack
    sinatra (2.0.0.beta2)
      mustermann (= 1.0.0.beta2)
      rack (~> 2.0)
      rack-protection (= 2.0.0.beta2)
      tilt (~> 2.0)

GEM
  remote: https://rubygems.org/
  specs:
    daemons (1.2.4)
    eventmachine (1.2.1)
    mimemagic (0.3.0)
    mustermann (1.0.0.beta2)
    rack (2.0.1)
    shotgun (0.9.2)
      rack (>= 1.0)
    thin (1.7.0)
      daemons (~> 1.0, >= 1.0.9)
      eventmachine (~> 1.0, >= 1.0.4)
      rack (>= 1, < 3)
    tilt (2.0.5)

PLATFORMS
  ruby

DEPENDENCIES
  mimemagic
  shotgun
  sinatra!
  thin

BUNDLED WITH
   1.13.6
